GEM
  remote: http://rubygems.org/
  specs:
    activesupport (3.0.4)
    haml (5.0.0)
      temple (>= 0.8.0)
      tilt
    i18n (0.5.0)
    json (1.5.1)
    rack (1.2.2)
    sinatra (1.1.2)
      rack (~> 1.1)
      tilt (~> 1.2)
    temple (0.9.1)
    tilt (1.2.2)

PLATFORMS
  ruby
  x86-mingw32

DEPENDENCIES
  activesupport (= 3.0.4)
  haml (= 5.0.0)
  i18n (= 0.5.0)
  json (= 1.5.1)
  sinatra (= 1.1.2)
