GEM
  remote: http://rubygems.org/
  specs:
    activesupport (3.0.4)
    haml (3.0.25)
    i18n (0.5.0)
    json (1.5.1)
    mustermann (1.1.1)
      ruby2_keywords (~> 0.0.1)
    rack (2.2.3)
    rack-protection (2.2.0)
      rack
    ruby2_keywords (0.0.5)
    sinatra (2.2.0)
      mustermann (~> 1.0)
      rack (~> 2.2)
      rack-protection (= 2.2.0)
      tilt (~> 2.0)
    tilt (2.0.10)

PLATFORMS
  ruby
  x86-mingw32

DEPENDENCIES
  activesupport (= 3.0.4)
  haml (= 3.0.25)
  i18n (= 0.5.0)
  json (= 1.5.1)
  sinatra (= 2.2.0)
